GEM
  remote: https://rubygems.org/
  specs:
    ansi (1.5.0)
    builder (3.3.0)
    erubis (2.7.0)
    jason (0.6.0)
      erubis
    logger (1.6.5)
    mime-types (3.6.0)
      logger
      mime-types-data (~> 3.2015)
    mime-types-data (3.2025.0107)
    minitest (5.25.4)
    minitest-reporters (1.7.1)
      ansi
      builder
      minitest (>= 5.0)
      ruby-progressbar
    ruby-progressbar (1.13.0)

PLATFORMS
  x64-mingw-ucrt

DEPENDENCIES
  jason
  mime-types
  minitest (~> 5.25)
  minitest-reporters (~> 1.7)

BUNDLED WITH
   2.6.2
